GEM
  remote: https://rubygems.org/
  specs:
    ruby-ole (1.2.12.2)
    spreadsheet (1.2.6)
      ruby-ole (>= 1.0)

PLATFORMS
  ruby

DEPENDENCIES
  spreadsheet

BUNDLED WITH
   2.1.4
